GIT
  remote: git://github.com/sinatra/sinatra.git
  revision: 1e0a6472717f6ee5054ddd1e67d1af41b4f80c91
  specs:
    sinatra (1.4.0)
      rack (~> 1.3, >= 1.3.6)
      rack-protection (~> 1.2)
      tilt (~> 1.3, >= 1.3.3)

GEM
  remote: http://rubygems.org/
  specs:
    daemons (1.1.9)
    eventmachine (1.0.0)
    haml (3.1.7)
    log4r (1.1.10)
    rack (1.4.1)
    rack-protection (1.2.0)
      rack
    thin (1.5.0)
      daemons (>= 1.0.9)
      eventmachine (>= 0.12.6)
      rack (>= 1.0.0)
    tilt (1.3.3)

PLATFORMS
  ruby

DEPENDENCIES
  haml
  log4r
  sinatra!
  thin
